GEM
  remote: https://rubygems.org/
  specs:
    byebug (11.0.1)
    coderay (1.1.2)
    method_source (0.9.2)
    pg (1.1.4)
    pry (0.12.2)
      coderay (~> 1.1.0)
      method_source (~> 0.9.0)
    pry-byebug (3.7.0)
      byebug (~> 11.0)
      pry (~> 0.10)
    rake (12.3.2)

PLATFORMS
  ruby

DEPENDENCIES
  pg (~> 1.1)
  pry (~> 0.12.2)
  pry-byebug (~> 3.7)
  rake (~> 12.3)

BUNDLED WITH
   2.0.1
